GEM
  remote: https://rubygems.org/
  specs:
    dotenv (2.2.1)
    foreman (0.84.0)
      thor (~> 0.19.1)
    line-bot-api (1.2.2)
    mustermann (1.0.2)
    rack (2.0.6)
    rack-protection (2.0.3)
      rack
    sinatra (2.0.3)
      mustermann (~> 1.0)
      rack (~> 2.0)
      rack-protection (= 2.0.3)
      tilt (~> 2.0)
    thor (0.19.4)
    tilt (2.0.8)

PLATFORMS
  ruby

DEPENDENCIES
  dotenv
  foreman
  line-bot-api
  sinatra

BUNDLED WITH
   1.16.1
